GEM
  remote: https://rubygems.org/
  specs:
    addressable (2.8.0)
      public_suffix (>= 2.0.2, < 5.0)
    bibtex-ruby (6.0.0)
      latex-decode (~> 0.0)
    faraday (1.7.0)
      faraday-em_http (~> 1.0)
      faraday-em_synchrony (~> 1.0)
      faraday-excon (~> 1.1)
      faraday-httpclient (~> 1.0.1)
      faraday-net_http (~> 1.0)
      faraday-net_http_persistent (~> 1.1)
      faraday-patron (~> 1.0)
      faraday-rack (~> 1.0)
      multipart-post (>= 1.2, < 3)
      ruby2_keywords (>= 0.0.4)
    faraday-em_http (1.0.0)
    faraday-em_synchrony (1.0.0)
    faraday-excon (1.1.0)
    faraday-httpclient (1.0.1)
    faraday-net_http (1.0.1)
    faraday-net_http_persistent (1.2.0)
    faraday-patron (1.0.0)
    faraday-rack (1.0.0)
    iso639 (1.3.2)
    latex-decode (0.3.2)
    multipart-post (2.1.1)
    nokogiri (1.12.2-x86_64-darwin)
      racc (~> 1.4)
    nokogiri (1.12.2-x86_64-linux)
      racc (~> 1.4)
    public_suffix (4.0.6)
    racc (1.5.2)
    relaton-bib (1.8.2)
      addressable
      bibtex-ruby
      iso639
      nokogiri
    relaton-calconnect (1.8.0)
      faraday
      relaton-bib (~> 1.8.0)
    ruby2_keywords (0.0.5)

PLATFORMS
  x86_64-darwin-20
  x86_64-linux

DEPENDENCIES
  relaton-calconnect

BUNDLED WITH
   2.2.21
